GEM
  remote: https://rubygems.org/
  specs:
    mustermann (1.0.2)
    pdf-core (0.7.0)
    prawn (2.2.2)
      pdf-core (~> 0.7.0)
      ttfunk (~> 1.5)
    rack (2.0.4)
    rack-protection (2.0.1)
      rack
    sinatra (2.0.1)
      mustermann (~> 1.0)
      rack (~> 2.0)
      rack-protection (= 2.0.1)
      tilt (~> 2.0)
    tilt (2.0.8)
    ttfunk (1.5.1)

PLATFORMS
  ruby
  x86-mingw32

DEPENDENCIES
  prawn
  sinatra

BUNDLED WITH
   1.15.3
